GEM
  remote: https://rubygems.org/
  specs:
    actionmailer (4.2.4)
      actionpack (= 4.2.4)
      actionview (= 4.2.4)
      activejob (= 4.2.4)
      mail (~> 2.5, >= 2.5.4)
      rails-dom-testing (~> 1.0, >= 1.0.5)
    actionpack (4.2.4)
      actionview (= 4.2.4)
      activesupport (= 4.2.4)
      rack (~> 1.6)
      rack-test (~> 0.6.2)
      rails-dom-testing (~> 1.0, >= 1.0.5)
      rails-html-sanitizer (~> 1.0, >= 1.0.2)
    actionview (4.2.4)
      activesupport (= 4.2.4)
      builder (~> 3.1)
      erubis (~> 2.7.0)
      rails-dom-testing (~> 1.0, >= 1.0.5)
      rails-html-sanitizer (~> 1.0, >= 1.0.2)
    activejob (4.2.4)
      activesupport (= 4.2.4)
      globalid (>= 0.3.0)
    activemodel (4.2.4)
      activesupport (= 4.2.4)
      builder (~> 3.1)
    activerecord (4.2.4)
      activemodel (= 4.2.4)
      activesupport (= 4.2.4)
      arel (~> 6.0)
    activesupport (4.2.4)
      i18n (~> 0.7)
      json (~> 1.7, >= 1.7.7)
      minitest (~> 5.1)
      thread_safe (~> 0.3, >= 0.3.4)
      tzinfo (~> 1.1)
    arel (6.0.3)
    babel-source (5.8.23)
    babel-transpiler (0.7.0)
      babel-source (>= 4.0, < 6)
      execjs (~> 2.0)
    builder (3.2.2)
    capybara (2.5.0)
      mime-types (>= 1.16)
      nokogiri (>= 1.3.3)
      rack (>= 1.0.0)
      rack-test (>= 0.5.4)
      xpath (~> 2.0)
    childprocess (0.5.6)
      ffi (~> 1.0, >= 1.0.11)
    coffee-rails (4.1.0)
      coffee-script (>= 2.2.0)
      railties (>= 4.0.0, < 5.0)
    coffee-script (2.4.1)
      coffee-script-source
      execjs
    coffee-script-source (1.9.1.1)
    columnize (0.9.0)
    daemons (1.2.3)
    debugger (1.6.8)
      columnize (>= 0.3.1)
      debugger-linecache (~> 1.2.0)
      debugger-ruby_core_source (~> 1.3.5)
    debugger-linecache (1.2.0)
    debugger-ruby_core_source (1.3.8)
    em-synchrony (1.0.4)
      eventmachine (>= 1.0.0.beta.1)
    erubis (2.7.0)
    eventmachine (1.0.8)
    execjs (2.6.0)
    faye-websocket (0.10.0)
      eventmachine (>= 0.12.0)
      websocket-driver (>= 0.5.1)
    ffi (1.9.10)
    foundation-rails (5.5.1.2)
      railties (>= 3.1.0)
      sass (>= 3.3.0, < 3.5)
    globalid (0.3.6)
      activesupport (>= 4.1.0)
    hiredis (0.6.0)
    i18n (0.7.0)
    jquery-rails (4.0.5)
      rails-dom-testing (~> 1.0)
      railties (>= 4.2.0)
      thor (>= 0.14, < 2.0)
    json (1.8.3)
    kgio (2.9.3)
    loofah (2.0.3)
      nokogiri (>= 1.5.9)
    mail (2.6.3)
      mime-types (>= 1.16, < 3)
    mime-types (2.6.1)
    mini_portile (0.6.2)
    minitest (5.8.0)
    minitest-capybara (0.7.2)
      capybara (~> 2.2)
      minitest (~> 5.0)
      rake
    minitest-metadata (0.5.3)
      minitest (>= 4.7, < 6.0)
    minitest-rails (2.2.0)
      minitest (~> 5.7)
      railties (~> 4.1)
    minitest-rails-capybara (2.1.1)
      capybara (~> 2.0)
      minitest-capybara (~> 0.7.0)
      minitest-metadata (~> 0.5.0)
      minitest-rails (~> 2.1)
    multi_json (1.11.2)
    nokogiri (1.6.6.2)
      mini_portile (~> 0.6.0)
    rack (1.6.4)
    rack-test (0.6.3)
      rack (>= 1.0)
    rails (4.2.4)
      actionmailer (= 4.2.4)
      actionpack (= 4.2.4)
      actionview (= 4.2.4)
      activejob (= 4.2.4)
      activemodel (= 4.2.4)
      activerecord (= 4.2.4)
      activesupport (= 4.2.4)
      bundler (>= 1.3.0, < 2.0)
      railties (= 4.2.4)
      sprockets-rails
    rails-deprecated_sanitizer (1.0.3)
      activesupport (>= 4.2.0.alpha)
    rails-dom-testing (1.0.7)
      activesupport (>= 4.2.0.beta, < 5.0)
      nokogiri (~> 1.6.0)
      rails-deprecated_sanitizer (>= 1.0.1)
    rails-html-sanitizer (1.0.2)
      loofah (~> 2.0)
    railties (4.2.4)
      actionpack (= 4.2.4)
      activesupport (= 4.2.4)
      rake (>= 0.8.7)
      thor (>= 0.18.1, < 2.0)
    raindrops (0.15.0)
    rake (10.4.2)
    redis (3.2.1)
    redis-objects (1.2.0)
      redis (>= 3.0.2)
    rubyzip (1.1.7)
    sass (3.4.18)
    sass-rails (5.0.3)
      railties (>= 4.0.0, < 5.0)
      sass (~> 3.1)
      sprockets (>= 2.8, < 4.0)
      sprockets-rails (>= 2.0, < 4.0)
      tilt (~> 1.1)
    selenium-webdriver (2.45.0)
      childprocess (~> 0.5)
      multi_json (~> 1.0)
      rubyzip (~> 1.0)
      websocket (~> 1.0)
    simplecov (0.7.1)
      multi_json (~> 1.0)
      simplecov-html (~> 0.7.1)
    simplecov-html (0.7.1)
    sprockets (3.3.4)
      rack (~> 1.0)
    sprockets-es6 (0.7.0)
      babel-transpiler
      sprockets (>= 3.0.0)
    sprockets-rails (2.3.2)
      actionpack (>= 3.0)
      activesupport (>= 3.0)
      sprockets (>= 2.8, < 4.0)
    sqlite3 (1.3.10)
    thin (1.6.3)
      daemons (~> 1.0, >= 1.0.9)
      eventmachine (~> 1.0)
      rack (~> 1.0)
    thor (0.19.1)
    thread_safe (0.3.5)
    tilt (1.4.1)
    turbolinks (2.5.3)
      coffee-rails
    tzinfo (1.2.2)
      thread_safe (~> 0.1)
    uglifier (2.7.2)
      execjs (>= 0.3.0)
      json (>= 1.8.0)
    unicorn (4.9.0)
      kgio (~> 2.6)
      rack
      raindrops (~> 0.7)
    websocket (1.2.2)
    websocket-driver (0.6.2)
      websocket-extensions (>= 0.1.0)
    websocket-extensions (0.1.2)
    websocket-rails (0.7.0)
      em-synchrony
      faye-websocket
      hiredis
      rack
      rails
      redis
      redis-objects
      thin
    xpath (2.0.0)
      nokogiri (~> 1.3)

PLATFORMS
  ruby

DEPENDENCIES
  debugger
  foundation-rails (= 5.5.1.2)
  jquery-rails
  minitest-rails
  minitest-rails-capybara
  rails (= 4.2.4)
  sass-rails (= 5.0.3)
  selenium-webdriver
  simplecov
  sprockets
  sprockets-es6
  sqlite3
  turbolinks
  uglifier (>= 1.3.0)
  unicorn
  websocket-rails
